PATH
  remote: .
  specs:
    ione (1.0.0.pre1)

GEM
  remote: https://rubygems.org/
  specs:
    diff-lcs (1.2.5)
    rake (10.1.1)
    redcarpet (3.1.1)
    rspec (2.14.1)
      rspec-core (~> 2.14.0)
      rspec-expectations (~> 2.14.0)
      rspec-mocks (~> 2.14.0)
    rspec-core (2.14.7)
    rspec-expectations (2.14.5)
      diff-lcs (>= 1.1.3, < 2.0)
    rspec-mocks (2.14.6)
    yard (0.8.7.3)

PLATFORMS
  ruby

DEPENDENCIES
  ione!
  rake
  redcarpet
  rspec
  yard
